GEM
  remote: https://rubygems.org/
  specs:
    actionmailer (4.2.7.1)
      actionpack (= 4.2.7.1)
      actionview (= 4.2.7.1)
      activejob (= 4.2.7.1)
      mail (~> 2.5, >= 2.5.4)
      rails-dom-testing (~> 1.0, >= 1.0.5)
    actionpack (4.2.7.1)
      actionview (= 4.2.7.1)
      activesupport (= 4.2.7.1)
      rack (~> 1.6)
      rack-test (~> 0.6.2)
      rails-dom-testing (~> 1.0, >= 1.0.5)
      rails-html-sanitizer (~> 1.0, >= 1.0.2)
    actionview (4.2.7.1)
      activesupport (= 4.2.7.1)
      builder (~> 3.1)
      erubis (~> 2.7.0)
      rails-dom-testing (~> 1.0, >= 1.0.5)
      rails-html-sanitizer (~> 1.0, >= 1.0.2)
    activejob (4.2.7.1)
      activesupport (= 4.2.7.1)
      globalid (>= 0.3.0)
    activemodel (4.2.7.1)
      activesupport (= 4.2.7.1)
      builder (~> 3.1)
    activerecord (4.2.7.1)
      activemodel (= 4.2.7.1)
      activesupport (= 4.2.7.1)
      arel (~> 6.0)
    activesupport (4.2.7.1)
      i18n (~> 0.7)
      json (~> 1.7, >= 1.7.7)
      minitest (~> 5.1)
      thread_safe (~> 0.3, >= 0.3.4)
      tzinfo (~> 1.1)
    arel (6.0.4)
    bcrypt (3.1.11)
    benchmark-ips (2.7.2)
    builder (3.2.3)
    byebug (9.0.6)
    clockwork (2.0.0)
      activesupport
      tzinfo
    codecov (0.1.9)
      json
      simplecov
      url
    concurrent-ruby (1.0.4)
    connection_pool (2.2.1)
    debug_inspector (0.0.2)
    derailed (0.1.0)
      derailed_benchmarks
    derailed_benchmarks (1.3.2)
      benchmark-ips (~> 2)
      get_process_mem (~> 0)
      heapy (~> 0)
      memory_profiler (~> 0)
      rack (>= 1)
      rake (> 10, < 13)
      thor (~> 0.19)
    diff-lcs (1.3)
    docile (1.1.5)
    erubis (2.7.0)
    execjs (2.7.0)
    get_process_mem (0.2.1)
    globalid (0.3.7)
      activesupport (>= 4.1.0)
    groupdate (3.1.1)
      activesupport (>= 3)
    haml (4.0.7)
      tilt
    haml-rails (0.9.0)
      actionpack (>= 4.0.1)
      activesupport (>= 4.0.1)
      haml (>= 4.0.6, < 5.0)
      html2haml (>= 1.0.1)
      railties (>= 4.0.1)
    heapy (0.1.2)
    html2haml (2.1.0)
      erubis (~> 2.7.0)
      haml (~> 4.0)
      nokogiri (>= 1.6.0)
      ruby_parser (~> 3.5)
    i18n (0.7.0)
    interactor (3.1.0)
    json (1.8.6)
    loofah (2.0.3)
      nokogiri (>= 1.5.9)
    mail (2.6.4)
      mime-types (>= 1.16, < 4)
    memory_profiler (0.9.7)
    mime-types (3.1)
      mime-types-data (~> 3.2015)
    mime-types-data (3.2016.0521)
    mini_portile2 (2.1.0)
    minitest (5.10.1)
    nokogiri (1.7.0.1)
      mini_portile2 (~> 2.1.0)
    pg (0.19.0)
    puma (3.7.0)
    rack (1.6.5)
    rack-protection (1.5.3)
      rack
    rack-test (0.6.3)
      rack (>= 1.0)
    rails (4.2.7.1)
      actionmailer (= 4.2.7.1)
      actionpack (= 4.2.7.1)
      actionview (= 4.2.7.1)
      activejob (= 4.2.7.1)
      activemodel (= 4.2.7.1)
      activerecord (= 4.2.7.1)
      activesupport (= 4.2.7.1)
      bundler (>= 1.3.0, < 2.0)
      railties (= 4.2.7.1)
      sprockets-rails
    rails-deprecated_sanitizer (1.0.3)
      activesupport (>= 4.2.0.alpha)
    rails-dom-testing (1.0.8)
      activesupport (>= 4.2.0.beta, < 5.0)
      nokogiri (~> 1.6)
      rails-deprecated_sanitizer (>= 1.0.1)
    rails-html-sanitizer (1.0.3)
      loofah (~> 2.0)
    rails_12factor (0.0.3)
      rails_serve_static_assets
      rails_stdout_logging
    rails_serve_static_assets (0.0.5)
    rails_stdout_logging (0.0.5)
    railties (4.2.7.1)
      actionpack (= 4.2.7.1)
      activesupport (= 4.2.7.1)
      rake (>= 0.8.7)
      thor (>= 0.18.1, < 2.0)
    rake (12.0.0)
    redis (3.3.3)
    rspec-core (3.5.4)
      rspec-support (~> 3.5.0)
    rspec-expectations (3.5.0)
      diff-lcs (>= 1.2.0, < 2.0)
      rspec-support (~> 3.5.0)
    rspec-mocks (3.5.0)
      diff-lcs (>= 1.2.0, < 2.0)
      rspec-support (~> 3.5.0)
    rspec-rails (3.5.2)
      actionpack (>= 3.0)
      activesupport (>= 3.0)
      railties (>= 3.0)
      rspec-core (~> 3.5.0)
      rspec-expectations (~> 3.5.0)
      rspec-mocks (~> 3.5.0)
      rspec-support (~> 3.5.0)
    rspec-support (3.5.0)
    ruby_parser (3.8.4)
      sexp_processor (~> 4.1)
    sass (3.4.23)
    sass-rails (5.0.6)
      railties (>= 4.0.0, < 6)
      sass (~> 3.1)
      sprockets (>= 2.8, < 4.0)
      sprockets-rails (>= 2.0, < 4.0)
      tilt (>= 1.1, < 3)
    sexp_processor (4.7.0)
    sidekiq (4.2.9)
      concurrent-ruby (~> 1.0)
      connection_pool (~> 2.2, >= 2.2.0)
      rack-protection (>= 1.5.0)
      redis (~> 3.2, >= 3.2.1)
    simplecov (0.13.0)
      docile (~> 1.1.0)
      json (>= 1.8, < 3)
      simplecov-html (~> 0.10.0)
    simplecov-html (0.10.0)
    spring (2.0.1)
      activesupport (>= 4.2)
    sprockets (3.7.1)
      concurrent-ruby (~> 1.0)
      rack (> 1, < 3)
    sprockets-rails (3.2.0)
      actionpack (>= 4.0)
      activesupport (>= 4.0)
      sprockets (>= 3.0.0)
    thor (0.19.4)
    thread_safe (0.3.5)
    tilt (2.0.6)
    tzinfo (1.2.2)
      thread_safe (~> 0.1)
    uglifier (3.0.4)
      execjs (>= 0.3.0, < 3)
    url (0.3.2)
    web-console (3.3.0)
      activemodel (>= 4.2)
      debug_inspector
      railties (>= 4.2)

PLATFORMS
  ruby

DEPENDENCIES
  bcrypt
  byebug
  clockwork
  codecov
  derailed
  groupdate
  haml-rails
  interactor
  pg
  puma
  rails (~> 4.2)
  rails_12factor
  rspec-rails
  sass-rails
  sidekiq
  spring
  uglifier
  web-console

BUNDLED WITH
   1.13.6
